PATH
  remote: .
  specs:
    loadr-core (0.0.1)

GEM
  remote: http://rubygems.org/
  specs:
    activesupport (3.2.6)
      i18n (~> 0.6)
      multi_json (~> 1.0)
    diff-lcs (1.1.3)
    factory_girl (3.5.0)
      activesupport (>= 3.0.0)
    i18n (0.6.0)
    multi_json (1.3.6)
    rspec (2.11.0)
      rspec-core (~> 2.11.0)
      rspec-expectations (~> 2.11.0)
      rspec-mocks (~> 2.11.0)
    rspec-core (2.11.0)
    rspec-expectations (2.11.1)
      diff-lcs (~> 1.1.3)
    rspec-mocks (2.11.1)
    shoulda (3.0.1)
      shoulda-context (~> 1.0.0)
      shoulda-matchers (~> 1.0.0)
    shoulda-context (1.0.0)
    shoulda-matchers (1.0.0)

PLATFORMS
  ruby

DEPENDENCIES
  factory_girl
  loadr-core!
  rspec
  shoulda
